GEM
  remote: https://rubygems.org/
  specs:
    coderay (1.1.0)
    docker-api (1.21.4)
      excon (>= 0.38.0)
      json
    etcd (0.3.0)
      mixlib-log
    excon (0.45.3)
    json (1.8.2)
    method_source (0.8.2)
    minigit (0.0.4)
    mixlib-log (1.6.0)
    pry (0.10.1)
      coderay (~> 1.1.0)
      method_source (~> 0.8.1)
      slop (~> 3.4)
    rake (10.4.2)
    slop (3.6.0)

PLATFORMS
  ruby

DEPENDENCIES
  docker-api
  etcd
  minigit
  pry
  rake
