GEM
  remote: https://rubygems.org/
  specs:
    archive-tar-minitar (0.5.2)
    coderay (1.1.0)
    docker-api (1.7.3)
      archive-tar-minitar
      excon (>= 0.28)
      json
    erubis (2.7.0)
    excon (0.29.0)
    json (1.8.1)
    method_source (0.8.2)
    minigit (0.0.4)
    pry (0.9.12.3)
      coderay (~> 1.0)
      method_source (~> 0.8)
      slop (~> 3.4)
    rake (10.1.0)
    slop (3.4.7)

PLATFORMS
  ruby

DEPENDENCIES
  docker-api
  erubis
  minigit
  pry
  rake
